PATH
  remote: .
  specs:
    shruby (0.1.0)
      shodanz (~> 1.0.5)
      thor (~> 0.20)

GEM
  remote: https://rubygems.org/
  specs:
    addressable (2.3.8)
    json (1.8.6)
    mime-types (1.25.1)
    minitest (5.11.3)
    oj (3.5.0)
    rake (10.5.0)
    rest-client (1.6.9)
      mime-types (~> 1.16)
    shodanz (1.0.5)
      json
      oj (= 3.5.0)
      unirest (= 1.1.2)
    thor (0.20.0)
    unirest (1.1.2)
      addressable (~> 2.3.5)
      json (~> 1.8.1)
      rest-client (~> 1.6.7)

PLATFORMS
  ruby

DEPENDENCIES
  bundler (~> 1.16)
  minitest (~> 5.0)
  rake (~> 10.0)
  shruby!

BUNDLED WITH
   1.16.2
